GEM
  remote: https://rubygems.org/
  specs:
    addressable (2.5.0)
      public_suffix (~> 2.0, >= 2.0.2)
    awesome_print (1.7.0)
    domain_name (0.5.20161021)
      unf (>= 0.0.5, < 1.0.0)
    http (2.0.3)
      addressable (~> 2.3)
      http-cookie (~> 1.0)
      http-form_data (~> 1.0.1)
      http_parser.rb (~> 0.6.0)
    http-cookie (1.0.3)
      domain_name (~> 0.5)
    http-form_data (1.0.1)
    http_parser.rb (0.6.0)
    public_suffix (2.0.3)
    rack (1.6.4)
    rack-protection (1.5.3)
      rack
    sinatra (1.4.7)
      rack (~> 1.5)
      rack-protection (~> 1.4)
      tilt (>= 1.3, < 3)
    tilt (2.0.5)
    unf (0.1.4)
      unf_ext
    unf_ext (0.0.7.2)
    verbose_hash_fetch (0.0.2)

PLATFORMS
  ruby

DEPENDENCIES
  addressable
  awesome_print
  http
  sinatra
  verbose_hash_fetch

BUNDLED WITH
   1.13.6
